GEM
  remote: https://rubygems.org/
  specs:
    coderay (1.1.3)
    method_source (1.1.0)
    pry (0.15.2)
      coderay (~> 1.1)
      method_source (~> 1.0)
    rake (13.2.1)
    redcarpet (3.6.1)

PLATFORMS
  ruby
  x86_64-linux

DEPENDENCIES
  pry
  rake
  redcarpet

BUNDLED WITH
   2.6.3
